GEM
  remote: https://rubygems.org/
  specs:
    daemons (1.1.9)
    hash-deep-merge (0.1.1)
    parseconfig (1.0.2)
    serialport (1.2.3)

PLATFORMS
  ruby

DEPENDENCIES
  daemons
  hash-deep-merge
  parseconfig
  serialport
